GEM
  remote: https://rubygems.org/
  specs:
    rake (13.0.6)
    syntax_tree (2.3.1)

PLATFORMS
  ruby
  x86_64-darwin-21
  x86_64-linux

DEPENDENCIES
  bundler
  rake
  syntax_tree

BUNDLED WITH
   2.3.6
