GEM
  remote: https://rubygems.org/
  specs:
    prettier_print (1.2.0)
    rake (13.0.6)
    syntax_tree (6.0.0)
      prettier_print (>= 1.2.0)

PLATFORMS
  ruby
  x86_64-darwin-21
  x86_64-linux

DEPENDENCIES
  bundler
  rake
  syntax_tree (~> 6.0)

BUNDLED WITH
   2.3.6
